GIT
  remote: git://github.com/jwood/moonphase.git
  revision: 3db41f50fa5c9e9f1f15915abbb402c4e0c66506
  specs:
    moonphase (0.0.1)

GIT
  remote: git://github.com/signal/signal-ruby.git
  revision: 249d69e5534a3136213e957315706259ddbb05f8
  specs:
    signal_api (0.0.1)
      builder (~> 3.0.0)
      httparty (~> 0.8.1)

GEM
  remote: https://rubygems.org/
  specs:
    RubySunrise (0.3)
      tzinfo
    actionmailer (3.2.13)
      actionpack (= 3.2.13)
      mail (~> 2.5.3)
    actionpack (3.2.13)
      activemodel (= 3.2.13)
      activesupport (= 3.2.13)
      builder (~> 3.0.0)
      erubis (~> 2.7.0)
      journey (~> 1.0.4)
      rack (~> 1.4.5)
      rack-cache (~> 1.2)
      rack-test (~> 0.6.1)
      sprockets (~> 2.2.1)
    activemodel (3.2.13)
      activesupport (= 3.2.13)
      builder (~> 3.0.0)
    activerecord (3.2.13)
      activemodel (= 3.2.13)
      activesupport (= 3.2.13)
      arel (~> 3.0.2)
      tzinfo (~> 0.3.29)
    activeresource (3.2.13)
      activemodel (= 3.2.13)
      activesupport (= 3.2.13)
    activesupport (3.2.13)
      i18n (= 0.6.1)
      multi_json (~> 1.0)
    arel (3.0.2)
    builder (3.0.4)
    chronic (0.6.7)
    coffee-rails (3.2.2)
      coffee-script (>= 2.2.0)
      railties (~> 3.2.0)
    coffee-script (2.2.0)
      coffee-script-source
      execjs
    coffee-script-source (1.3.3)
    colorize (0.5.8)
    coveralls (0.6.3)
      colorize
      multi_json (~> 1.3)
      rest-client
      simplecov (>= 0.7)
      thor
    dalli (2.1.0)
    erubis (2.7.0)
    exception_notification (2.6.1)
      actionmailer (>= 3.0.4)
    execjs (1.4.0)
      multi_json (~> 1.0)
    fakeweb (1.3.0)
    foreigner (1.2.0)
      activerecord (>= 3.0.0)
    geokit (1.6.5)
      multi_json
    hike (1.2.1)
    httparty (0.8.3)
      multi_json (~> 1.0)
      multi_xml
    i18n (0.6.1)
    journey (1.0.4)
    jquery-rails (2.0.2)
      railties (>= 3.2.0, < 5.0)
      thor (~> 0.14)
    json (1.7.7)
    libv8 (3.3.10.4)
    mail (2.5.3)
      i18n (>= 0.4.0)
      mime-types (~> 1.16)
      treetop (~> 1.4.8)
    metaclass (0.0.1)
    mime-types (1.21)
    mocha (0.13.3)
      metaclass (~> 0.0.1)
    multi_json (1.7.2)
    multi_xml (0.5.1)
    newrelic_rpm (3.5.5.38)
    nokogiri (1.5.5)
    pg (0.14.0)
    polyglot (0.3.3)
    proby (2.2.0)
      chronic (~> 0.6.7)
      httparty (~> 0.8.1)
      multi_json (~> 1.0)
    rack (1.4.5)
    rack-cache (1.2)
      rack (>= 0.4)
    rack-ssl (1.3.3)
      rack
    rack-test (0.6.2)
      rack (>= 1.0)
    rails (3.2.13)
      actionmailer (= 3.2.13)
      actionpack (= 3.2.13)
      activerecord (= 3.2.13)
      activeresource (= 3.2.13)
      activesupport (= 3.2.13)
      bundler (~> 1.0)
      railties (= 3.2.13)
    railties (3.2.13)
      actionpack (= 3.2.13)
      activesupport (= 3.2.13)
      rack-ssl (~> 1.3.2)
      rake (>= 0.8.7)
      rdoc (~> 3.4)
      thor (>= 0.14.6, < 2.0)
    rake (10.0.3)
    rdoc (3.12.2)
      json (~> 1.4)
    rest-client (1.6.7)
      mime-types (>= 1.16)
    sass (3.2.1)
    sass-rails (3.2.5)
      railties (~> 3.2.0)
      sass (>= 3.1.10)
      tilt (~> 1.3)
    simplecov (0.7.1)
      multi_json (~> 1.0)
      simplecov-html (~> 0.7.1)
    simplecov-html (0.7.1)
    sprockets (2.2.2)
      hike (~> 1.2)
      multi_json (~> 1.0)
      rack (~> 1.0)
      tilt (~> 1.1, != 1.3.0)
    strong_parameters (0.1.6)
      actionpack (~> 3.0)
      activemodel (~> 3.0)
      railties (~> 3.0)
    therubyracer (0.10.2)
      libv8 (~> 3.3.10)
    thor (0.17.0)
    tilt (1.3.6)
    timecop (0.4.4)
    treetop (1.4.12)
      polyglot
      polyglot (>= 0.3.1)
    tzinfo (0.3.37)
    uglifier (1.2.7)
      execjs (>= 0.3.0)
      multi_json (~> 1.3)

PLATFORMS
  ruby

DEPENDENCIES
  RubySunrise (= 0.3)
  coffee-rails (~> 3.2.1)
  coveralls
  dalli (= 2.1.0)
  exception_notification (= 2.6.1)
  fakeweb
  foreigner (= 1.2.0)
  geokit (= 1.6.5)
  jquery-rails (= 2.0.2)
  mocha
  moonphase!
  newrelic_rpm (> 3.5.5)
  nokogiri (= 1.5.5)
  pg (= 0.14.0)
  proby (= 2.2.0)
  rails (= 3.2.13)
  sass-rails (~> 3.2.3)
  signal_api!
  simplecov
  strong_parameters (= 0.1.6)
  therubyracer
  timecop
  uglifier (>= 1.0.3)
