GIT
  remote: git://github.com/jwood/moonphase.git
  revision: 3db41f50fa5c9e9f1f15915abbb402c4e0c66506
  specs:
    moonphase (0.0.1)

GIT
  remote: git://github.com/signal/signal-ruby.git
  revision: 955dda97bb7cc2b6eac3dbfd65f74b2e7b7af944
  specs:
    signal_api (0.0.1)
      builder (~> 3.0.0)
      httparty (~> 0.8.1)

GEM
  remote: https://rubygems.org/
  specs:
    RubySunrise (0.3)
      tzinfo
    actionmailer (3.2.13)
      actionpack (= 3.2.13)
      mail (~> 2.5.3)
    actionpack (3.2.13)
      activemodel (= 3.2.13)
      activesupport (= 3.2.13)
      builder (~> 3.0.0)
      erubis (~> 2.7.0)
      journey (~> 1.0.4)
      rack (~> 1.4.5)
      rack-cache (~> 1.2)
      rack-test (~> 0.6.1)
      sprockets (~> 2.2.1)
    activemodel (3.2.13)
      activesupport (= 3.2.13)
      builder (~> 3.0.0)
    activerecord (3.2.13)
      activemodel (= 3.2.13)
      activesupport (= 3.2.13)
      arel (~> 3.0.2)
      tzinfo (~> 0.3.29)
    activeresource (3.2.13)
      activemodel (= 3.2.13)
      activesupport (= 3.2.13)
    activesupport (3.2.13)
      i18n (= 0.6.1)
      multi_json (~> 1.0)
    arel (3.0.2)
    builder (3.0.4)
    chronic (0.6.7)
    coffee-rails (3.2.2)
      coffee-script (>= 2.2.0)
      railties (~> 3.2.0)
    coffee-script (2.2.0)
      coffee-script-source
      execjs
    coffee-script-source (1.6.2)
    colorize (0.5.8)
    coveralls (0.6.3)
      colorize
      multi_json (~> 1.3)
      rest-client
      simplecov (>= 0.7)
      thor
    dalli (2.6.2)
    erubis (2.7.0)
    exception_notification (3.0.1)
      actionmailer (>= 3.0.4)
    execjs (1.4.0)
      multi_json (~> 1.0)
    fakeweb (1.3.0)
    foreigner (1.4.0)
      activerecord (>= 3.0.0)
    foreman (0.62.0)
      thor (>= 0.13.6)
    geokit (1.6.5)
      multi_json
    hike (1.2.1)
    httparty (0.8.3)
      multi_json (~> 1.0)
      multi_xml
    i18n (0.6.1)
    journey (1.0.4)
    jquery-rails (2.0.3)
      railties (>= 3.1.0, < 5.0)
      thor (~> 0.14)
    json (1.7.7)
    kgio (2.8.0)
    mail (2.5.3)
      i18n (>= 0.4.0)
      mime-types (~> 1.16)
      treetop (~> 1.4.8)
    metaclass (0.0.1)
    mime-types (1.21)
    mocha (0.13.3)
      metaclass (~> 0.0.1)
    multi_json (1.7.2)
    multi_xml (0.5.3)
    newrelic_rpm (3.6.0.78)
    nokogiri (1.5.9)
    pg (0.15.0)
    polyglot (0.3.3)
    proby (2.2.0)
      chronic (~> 0.6.7)
      httparty (~> 0.8.1)
      multi_json (~> 1.0)
    rack (1.4.5)
    rack-cache (1.2)
      rack (>= 0.4)
    rack-ssl (1.3.3)
      rack
    rack-test (0.6.2)
      rack (>= 1.0)
    rails (3.2.13)
      actionmailer (= 3.2.13)
      actionpack (= 3.2.13)
      activerecord (= 3.2.13)
      activeresource (= 3.2.13)
      activesupport (= 3.2.13)
      bundler (~> 1.0)
      railties (= 3.2.13)
    railties (3.2.13)
      actionpack (= 3.2.13)
      activesupport (= 3.2.13)
      rack-ssl (~> 1.3.2)
      rake (>= 0.8.7)
      rdoc (~> 3.4)
      thor (>= 0.14.6, < 2.0)
    raindrops (0.10.0)
    rake (10.0.4)
    rdoc (3.12.2)
      json (~> 1.4)
    rest-client (1.6.7)
      mime-types (>= 1.16)
    sass (3.2.7)
    sass-rails (3.2.6)
      railties (~> 3.2.0)
      sass (>= 3.1.10)
      tilt (~> 1.3)
    simplecov (0.7.1)
      multi_json (~> 1.0)
      simplecov-html (~> 0.7.1)
    simplecov-html (0.7.1)
    sprockets (2.2.2)
      hike (~> 1.2)
      multi_json (~> 1.0)
      rack (~> 1.0)
      tilt (~> 1.1, != 1.3.0)
    strong_parameters (0.2.0)
      actionpack (~> 3.0)
      activemodel (~> 3.0)
      railties (~> 3.0)
    thor (0.18.0)
    tilt (1.3.6)
    timecop (0.6.1)
    treetop (1.4.12)
      polyglot
      polyglot (>= 0.3.1)
    tzinfo (0.3.37)
    uglifier (1.3.0)
      execjs (>= 0.3.0)
      multi_json (~> 1.0, >= 1.0.2)
    unicorn (4.6.2)
      kgio (~> 2.6)
      rack
      raindrops (~> 0.7)

PLATFORMS
  ruby

DEPENDENCIES
  RubySunrise
  coffee-rails
  coveralls
  dalli
  exception_notification
  fakeweb
  foreigner
  foreman
  geokit
  jquery-rails (= 2.0.3)
  mocha
  moonphase!
  newrelic_rpm
  nokogiri
  pg
  proby
  rails (= 3.2.13)
  sass-rails
  signal_api!
  simplecov
  strong_parameters
  timecop
  uglifier
  unicorn
